GEM
  remote: https://rubygems.org/
  specs:
    activesupport (5.2.1)
      concurrent-ruby (~> 1.0, >= 1.0.2)
      i18n (>= 0.7, < 2)
      minitest (~> 5.1)
      tzinfo (~> 1.1)
    addressable (2.5.2)
      public_suffix (>= 2.0.2, < 4.0)
    backports (3.11.4)
    concurrent-ruby (1.0.5)
    dotenv (2.5.0)
    faraday (0.15.3)
      multipart-post (>= 1.2, < 3)
    faraday_middleware (0.12.2)
      faraday (>= 0.7.4, < 1.0)
    faraday_middleware-parse_oj (0.3.2)
      faraday (~> 0.9)
      faraday_middleware (>= 0.9.1, < 1.0)
      oj (>= 2.0, < 4.0)
    giphy (3.0.0)
      faraday (~> 0.9)
      faraday_middleware (~> 0.9)
      faraday_middleware-parse_oj (~> 0.3)
      launchy (~> 2.4)
    i18n (1.1.0)
      concurrent-ruby (~> 1.0)
    json (2.1.0)
    jwt (2.1.0)
    launchy (2.4.3)
      addressable (~> 2.3)
    mini_portile2 (2.3.0)
    minitest (5.11.3)
    multi_json (1.13.1)
    multipart-post (2.0.0)
    mustermann (1.0.3)
    nokogiri (1.8.4-x64-mingw32)
      mini_portile2 (~> 2.3.0)
    oj (3.6.11)
    public_suffix (3.0.3)
    rack (2.0.5)
    rack-protection (2.0.4)
      rack
    sinatra (2.0.4)
      mustermann (~> 1.0)
      rack (~> 2.0)
      rack-protection (= 2.0.4)
      tilt (~> 2.0)
    sinatra-contrib (2.0.4)
      activesupport (>= 4.0.0)
      backports (>= 2.8.2)
      multi_json
      mustermann (~> 1.0)
      rack-protection (= 2.0.4)
      sinatra (= 2.0.4)
      tilt (>= 1.3, < 3)
    thread_safe (0.3.6)
    tilt (2.0.8)
    twilio-ruby (5.12.4)
      faraday (~> 0.9)
      jwt (>= 1.5, <= 2.5)
      nokogiri (>= 1.6, < 2.0)
    tzinfo (1.2.5)
      thread_safe (~> 0.1)

PLATFORMS
  x64-mingw32

DEPENDENCIES
  dotenv
  giphy
  json
  sinatra
  sinatra-contrib
  twilio-ruby (> 5.0.0)

BUNDLED WITH
   1.16.4
